GEM
  remote: https://rubygems.org/
  specs:
    addressable (2.8.4)
      public_suffix (>= 2.0.2, < 6.0)
    backports (3.24.1)
    csv (3.2.6)
    daru (0.3)
      packable (~> 1.3.13)
    domain_name (0.5.20190701)
      unf (>= 0.0.5, < 1.0.0)
    ffi (1.15.5)
    ffi-compiler (1.0.1)
      ffi (>= 1.0.0)
      rake
    http (5.1.1)
      addressable (~> 2.8)
      http-cookie (~> 1.0)
      http-form_data (~> 2.2)
      llhttp-ffi (~> 0.4.0)
    http-cookie (1.0.5)
      domain_name (~> 0.5)
    http-form_data (2.3.0)
    lbfgsb (0.5.2)
      numo-narray (>= 0.9.1)
    llhttp-ffi (0.4.0)
      ffi-compiler (~> 1.0)
      rake (~> 13.0)
    matrix (0.4.2)
    mmh3 (1.2.0)
    numo-narray (0.9.2.1)
    packable (1.3.17)
      backports
    public_suffix (5.0.1)
    rake (13.0.6)
    rumale (0.26.0)
      numo-narray (>= 0.9.1)
      rumale-clustering (~> 0.26.0)
      rumale-core (~> 0.26.0)
      rumale-decomposition (~> 0.26.0)
      rumale-ensemble (~> 0.26.0)
      rumale-evaluation_measure (~> 0.26.0)
      rumale-feature_extraction (~> 0.26.0)
      rumale-kernel_approximation (~> 0.26.0)
      rumale-kernel_machine (~> 0.26.0)
      rumale-linear_model (~> 0.26.0)
      rumale-manifold (~> 0.26.0)
      rumale-metric_learning (~> 0.26.0)
      rumale-model_selection (~> 0.26.0)
      rumale-naive_bayes (~> 0.26.0)
      rumale-nearest_neighbors (~> 0.26.0)
      rumale-neural_network (~> 0.26.0)
      rumale-pipeline (~> 0.26.0)
      rumale-preprocessing (~> 0.26.0)
      rumale-tree (~> 0.26.0)
    rumale-clustering (0.26.0)
      numo-narray (>= 0.9.1)
      rumale-core (~> 0.26.0)
    rumale-core (0.26.0)
      numo-narray (>= 0.9.1)
    rumale-decomposition (0.26.0)
      numo-narray (>= 0.9.1)
      rumale-core (~> 0.26.0)
    rumale-ensemble (0.26.0)
      numo-narray (>= 0.9.1)
      rumale-core (~> 0.26.0)
      rumale-linear_model (~> 0.26.0)
      rumale-model_selection (~> 0.26.0)
      rumale-preprocessing (~> 0.26.0)
      rumale-tree (~> 0.26.0)
    rumale-evaluation_measure (0.26.0)
      numo-narray (>= 0.9.1)
      rumale-core (~> 0.26.0)
    rumale-feature_extraction (0.26.0)
      mmh3 (~> 1.0)
      numo-narray (>= 0.9.1)
      rumale-core (~> 0.26.0)
    rumale-kernel_approximation (0.26.0)
      numo-narray (>= 0.9.1)
      rumale-core (~> 0.26.0)
    rumale-kernel_machine (0.26.0)
      numo-narray (>= 0.9.1)
      rumale-core (~> 0.26.0)
    rumale-linear_model (0.26.0)
      lbfgsb (>= 0.3.0)
      numo-narray (>= 0.9.1)
      rumale-core (~> 0.26.0)
    rumale-manifold (0.26.0)
      numo-narray (>= 0.9.1)
      rumale-core (~> 0.26.0)
      rumale-decomposition (~> 0.26.0)
    rumale-metric_learning (0.26.0)
      lbfgsb (>= 0.3.0)
      numo-narray (>= 0.9.1)
      rumale-core (~> 0.26.0)
      rumale-decomposition (~> 0.26.0)
    rumale-model_selection (0.26.0)
      numo-narray (>= 0.9.1)
      rumale-core (~> 0.26.0)
      rumale-evaluation_measure (~> 0.26.0)
      rumale-preprocessing (~> 0.26.0)
    rumale-naive_bayes (0.26.0)
      numo-narray (>= 0.9.1)
      rumale-core (~> 0.26.0)
    rumale-nearest_neighbors (0.26.0)
      numo-narray (>= 0.9.1)
      rumale-core (~> 0.26.0)
    rumale-neural_network (0.26.0)
      numo-narray (>= 0.9.1)
      rumale-core (~> 0.26.0)
    rumale-pipeline (0.26.0)
      numo-narray (>= 0.9.1)
      rumale-core (~> 0.26.0)
    rumale-preprocessing (0.26.0)
      numo-narray (>= 0.9.1)
      rumale-core (~> 0.26.0)
    rumale-tree (0.26.0)
      numo-narray (>= 0.9.1)
      rumale-core (~> 0.26.0)
    unf (0.1.4)
      unf_ext
    unf_ext (0.0.8.2)

PLATFORMS
  arm64-darwin-22

DEPENDENCIES
  csv
  daru
  http
  matrix
  numo-narray
  rumale

BUNDLED WITH
   2.4.10
